PATH
  remote: .
  specs:
    youmagine-api-client (1.0.0)
      httparty (~> 0.14.0)

GEM
  remote: https://rubygems.org/
  specs:
    byebug (9.0.6)
    diff-lcs (1.2.5)
    fakeweb (1.3.0)
    gem-release (0.7.4)
    httparty (0.14.0)
      multi_xml (>= 0.5.2)
    multi_xml (0.5.5)
    rspec (3.5.0)
      rspec-core (~> 3.5.0)
      rspec-expectations (~> 3.5.0)
      rspec-mocks (~> 3.5.0)
    rspec-core (3.5.4)
      rspec-support (~> 3.5.0)
    rspec-expectations (3.5.0)
      diff-lcs (>= 1.2.0, < 2.0)
      rspec-support (~> 3.5.0)
    rspec-mocks (3.5.0)
      diff-lcs (>= 1.2.0, < 2.0)
      rspec-support (~> 3.5.0)
    rspec-support (3.5.0)
    vcr (3.0.3)

PLATFORMS
  ruby

DEPENDENCIES
  byebug
  fakeweb
  gem-release
  rspec
  vcr
  youmagine-api-client!

BUNDLED WITH
   1.13.6
